GEM
  remote: https://rubygems.org/
  specs:
    curses (1.3.1)
    power_assert (1.1.5)
    test-unit (3.3.3)
      power_assert
    tty-cursor (0.7.0)
    tty-reader (0.6.0)
      tty-cursor (~> 0.7)
      tty-screen (~> 0.7)
      wisper (~> 2.0.0)
    tty-screen (0.7.0)
    wisper (2.0.0)

PLATFORMS
  ruby

DEPENDENCIES
  curses
  test-unit (~> 3.3)
  tty-reader (~> 0.6.0)

BUNDLED WITH
   2.0.2
